PATH
  remote: ../core
  specs:
    purrr (0.0.1)
      virtus (~> 1.0.4)

GEM
  remote: https://rubygems.org/
  specs:
    axiom-types (0.1.1)
      descendants_tracker (~> 0.0.4)
      ice_nine (~> 0.11.0)
      thread_safe (~> 0.3, >= 0.3.1)
    coercible (1.0.0)
      descendants_tracker (~> 0.0.1)
    descendants_tracker (0.0.4)
      thread_safe (~> 0.3, >= 0.3.1)
    equalizer (0.0.9)
    http_router (0.11.1)
      rack (>= 1.0.0)
      url_mount (~> 0.2.1)
    ice_nine (0.11.1)
    lotus-router (0.2.0)
      http_router (~> 0.11)
      lotus-utils (~> 0.3, >= 0.3.2)
    lotus-utils (0.3.3)
    rack (1.6.0)
    thread_safe (0.3.4)
    url_mount (0.2.1)
      rack
    virtus (1.0.4)
      axiom-types (~> 0.1)
      coercible (~> 1.0)
      descendants_tracker (~> 0.0, >= 0.0.3)
      equalizer (~> 0.0, >= 0.0.9)

PLATFORMS
  ruby

DEPENDENCIES
  lotus-router
  purrr!
